GEM
  remote: https://rubygems.org/
  specs:
    chunky_png (1.3.6)
    colored (1.2)
    rubycards (0.0.4)
      colored (~> 1.2)

PLATFORMS
  ruby

DEPENDENCIES
  chunky_png
  rubycards

BUNDLED WITH
   1.12.5
